GEM
  remote: https://rubygems.org/
  specs:
    amazon-pricing (0.1.75)
    aws-sdk (2.2.27)
      aws-sdk-resources (= 2.2.27)
    aws-sdk-core (2.2.27)
      jmespath (~> 1.0)
    aws-sdk-resources (2.2.27)
      aws-sdk-core (= 2.2.27)
    jmespath (1.1.3)

PLATFORMS
  ruby

DEPENDENCIES
  amazon-pricing
  aws-sdk

BUNDLED WITH
   1.11.2
